GEM
  remote: https://rubygems.org/
  specs:
    awesome_print (1.7.0)
    httparty (0.14.0)
      multi_xml (>= 0.5.2)
    multi_xml (0.6.0)

PLATFORMS
  ruby

DEPENDENCIES
  awesome_print
  httparty

BUNDLED WITH
   1.12.5
